GEM
  remote: https://rubygems.org/
  specs:
    byebug (11.1.3)

PLATFORMS
  arm64-darwin-23

DEPENDENCIES
  byebug

BUNDLED WITH
   2.4.22
